PATH
  remote: .
  specs:
    quote_generator (0.1.0)

GEM
  remote: https://rubygems.org/
  specs:
    bcrypt (3.1.18)
    coderay (1.1.3)
    date (3.3.3)
    method_source (1.0.0)
    nokogiri (1.14.0-x86_64-linux)
      racc (~> 1.4)
    open-uri (0.3.0)
      stringio
      time
      uri
    pry (0.14.2)
      coderay (~> 1.1)
      method_source (~> 1.0)
    racc (1.6.2)
    rake (13.0.6)
    stringio (3.0.4)
    time (0.2.1)
      date
    uri (0.12.0)

PLATFORMS
  x86_64-linux

DEPENDENCIES
  bcrypt
  nokogiri
  open-uri
  pry
  quote_generator!
  rake (~> 13.0)

BUNDLED WITH
   2.3.5
